STORAGE: NONE
RESTRICTION: || (== net45) (== netstandard2.0)
NUGET
  remote: https://api.nuget.org/v3/index.json
    FSharp.Core (4.5)

GROUP tests
STORAGE: NONE
RESTRICTION: || (== net45) (== net461) (== net472) (== netcoreapp2.2)
NUGET
  remote: https://api.nuget.org/v3/index.json
    Microsoft.CodeCoverage (16.2)
    Microsoft.DotNet.InternalAbstractions (1.0) - restriction: || (&& (== net45) (>= netcoreapp1.0)) (&& (== net461) (>= netcoreapp1.0)) (&& (== net472) (>= netcoreapp1.0)) (== netcoreapp2.2)
      System.AppContext (>= 4.1) - restriction: || (&& (== net45) (== net461)) (&& (== net45) (== net472)) (&& (== net45) (>= netstandard1.3)) (&& (== net461) (< net451)) (&& (== net472) (< net451)) (== netcoreapp2.2)
      System.Collections (>= 4.0.11) - restriction: || (&& (== net45) (== net461)) (&& (== net45) (== net472)) (&& (== net45) (>= netstandard1.3)) (&& (== net461) (< net451)) (&& (== net472) (< net451)) (== netcoreapp2.2)
      System.IO (>= 4.1) - restriction: || (&& (== net45) (== net461)) (&& (== net45) (== net472)) (&& (== net45) (>= netstandard1.3)) (&& (== net461) (< net451)) (&& (== net472) (< net451)) (== netcoreapp2.2)
      System.IO.FileSystem (>= 4.0.1) - restriction: || (&& (== net45) (== net461)) (&& (== net45) (== net472)) (&& (== net45) (>= netstandard1.3)) (&& (== net461) (< net451)) (&& (== net472) (< net451)) (== netcoreapp2.2)
      System.Reflection.TypeExtensions (>= 4.1) - restriction: || (&& (== net45) (== net461)) (&& (== net45) (== net472)) (&& (== net45) (>= netstandard1.3)) (&& (== net461) (< net451)) (&& (== net472) (< net451)) (== netcoreapp2.2)
      System.Runtime.Extensions (>= 4.1) - restriction: || (&& (== net45) (== net461)) (&& (== net45) (== net472)) (&& (== net45) (>= netstandard1.3)) (&& (== net461) (< net451)) (&& (== net472) (< net451)) (== netcoreapp2.2)
      System.Runtime.InteropServices (>= 4.1) - restriction: || (&& (== net45) (== net461)) (&& (== net45) (== net472)) (&& (== net45) (>= netstandard1.3)) (&& (== net461) (< net451)) (&& (== net472) (< net451)) (== netcoreapp2.2)
      System.Runtime.InteropServices.RuntimeInformation (>= 4.0) - restriction: || (&& (== net45) (== net461)) (&& (== net45) (== net472)) (&& (== net45) (>= netstandard1.3)) (&& (== net461) (< net451)) (&& (== net472) (< net451)) (== netcoreapp2.2)
    Microsoft.NET.Test.Sdk (15.9)
      Microsoft.CodeCoverage (>= 15.9)
      Microsoft.TestPlatform.TestHost (>= 15.9) - restriction: || (&& (== net45) (>= netcoreapp1.0)) (&& (== net461) (>= netcoreapp1.0)) (&& (== net472) (>= netcoreapp1.0)) (== netcoreapp2.2)
    Microsoft.NETCore.Platforms (2.2.2) - restriction: || (&& (== net45) (>= netcoreapp2.0)) (&& (== net461) (>= netcoreapp2.0)) (&& (== net472) (>= netcoreapp2.0)) (== netcoreapp2.2)
    Microsoft.NETCore.Targets (2.1) - restriction: || (&& (== net45) (>= netcoreapp1.0)) (&& (== net461) (>= netcoreapp1.0)) (&& (== net472) (>= netcoreapp1.0)) (== netcoreapp2.2)
    Microsoft.TestPlatform.ObjectModel (16.2) - restriction: || (&& (== net45) (>= netcoreapp1.0)) (&& (== net461) (>= netcoreapp1.0)) (&& (== net472) (>= netcoreapp1.0)) (== netcoreapp2.2)
      NETStandard.Library (>= 1.6) - restriction: || (&& (== net45) (== net472)) (&& (== net45) (>= netstandard1.5)) (&& (== net461) (< net451) (>= netstandard1.5)) (&& (== net472) (< net451)) (== netcoreapp2.2)
      System.ComponentModel.EventBasedAsync (>= 4.0.11) - restriction: || (&& (== net45) (== net472)) (&& (== net45) (>= netstandard1.5)) (&& (== net461) (< net451) (>= netstandard1.5)) (&& (== net472) (< net451)) (== netcoreapp2.2)
      System.ComponentModel.TypeConverter (>= 4.1) - restriction: || (&& (== net45) (== net461)) (&& (== net45) (== net472)) (&& (== net45) (>= netstandard1.4)) (&& (== net45) (>= netstandard1.5)) (&& (== net461) (< net451)) (&& (== net472) (< net451)) (== netcoreapp2.2)
      System.Diagnostics.Process (>= 4.1) - restriction: || (&& (== net45) (== net472)) (&& (== net45) (>= netstandard1.5)) (&& (== net461) (< net451) (>= netstandard1.5)) (&& (== net472) (< net451)) (== netcoreapp2.2)
      System.Diagnostics.TextWriterTraceListener (>= 4.0) - restriction: || (&& (== net45) (== net472)) (&& (== net45) (>= netstandard1.5)) (&& (== net461) (< net451) (>= netstandard1.5)) (&& (== net472) (< net451)) (== netcoreapp2.2)
      System.Diagnostics.TraceSource (>= 4.0) - restriction: || (&& (== net45) (== net472)) (&& (== net45) (>= netstandard1.5)) (&& (== net461) (< net451) (>= netstandard1.5)) (&& (== net472) (< net451)) (== netcoreapp2.2)
      System.Reflection.Metadata (>= 1.3) - restriction: || (&& (== net45) (>= net451)) (&& (== net45) (>= netstandard1.5)) (== net461) (== net472) (== netcoreapp2.2)
      System.Reflection.TypeExtensions (>= 4.1) - restriction: || (&& (== net45) (== net472)) (&& (== net45) (>= netstandard1.5)) (&& (== net461) (< net451) (>= netstandard1.5)) (&& (== net472) (< net451)) (== netcoreapp2.2)
      System.Runtime.InteropServices.RuntimeInformation (>= 4.0) - restriction: || (&& (== net45) (>= net451)) (&& (== net45) (>= netstandard1.4)) (== net461) (== net472) (== netcoreapp2.2)
      System.Runtime.Loader (>= 4.0) - restriction: || (&& (== net45) (== net472)) (&& (== net45) (>= netstandard1.5)) (&& (== net461) (< net451) (>= netstandard1.5)) (&& (== net472) (< net451)) (== netcoreapp2.2)
      System.Runtime.Serialization.Json (>= 4.0.2) - restriction: || (&& (== net45) (== net472)) (&& (== net45) (>= netstandard1.5)) (&& (== net461) (< net451) (>= netstandard1.5)) (&& (== net472) (< net451)) (== netcoreapp2.2)
      System.Runtime.Serialization.Primitives (>= 4.1.1) - restriction: || (&& (== net45) (== net472)) (&& (== net45) (>= netstandard1.5)) (&& (== net461) (< net451) (>= netstandard1.5)) (&& (== net472) (< net451)) (== netcoreapp2.2)
      System.Threading.Thread (>= 4.0) - restriction: || (&& (== net45) (== net472)) (&& (== net45) (>= netstandard1.5)) (&& (== net461) (< net451) (>= netstandard1.5)) (&& (== net472) (< net451)) (== netcoreapp2.2)
      System.Xml.XPath.XmlDocument (>= 4.0.1) - restriction: || (&& (== net45) (== net472)) (&& (== net45) (>= netstandard1.5)) (&& (== net461) (< net451) (>= netstandard1.5)) (&& (== net472) (< net451)) (== netcoreapp2.2)
    Microsoft.TestPlatform.TestHost (16.2) - restriction: || (&& (== net45) (>= netcoreapp1.0)) (&& (== net461) (>= netcoreapp1.0)) (&& (== net472) (>= netcoreapp1.0)) (== netcoreapp2.2)
      Microsoft.TestPlatform.ObjectModel (>= 16.2) - restriction: || (&& (== net45) (>= netcoreapp1.0)) (&& (== net45) (>= uap10.0)) (&& (== net461) (>= netcoreapp1.0)) (&& (== net461) (>= uap10.0)) (&& (== net472) (>= netcoreapp1.0)) (&& (== net472) (>= uap10.0)) (== netcoreapp2.2)
      Newtonsoft.Json (>= 9.0.1) - restriction: || (&& (== net45) (>= netcoreapp1.0)) (&& (== net45) (>= uap10.0)) (&& (== net461) (>= netcoreapp1.0)) (&& (== net461) (>= uap10.0)) (&& (== net472) (>= netcoreapp1.0)) (&& (== net472) (>= uap10.0)) (== netcoreapp2.2)
    Microsoft.Win32.Primitives (4.3) - restriction: || (&& (== net45) (>= netcoreapp1.0)) (&& (== net461) (>= netcoreapp1.0)) (&& (== net472) (>= netcoreapp1.0)) (== netcoreapp2.2)
      Microsoft.NETCore.Platforms (>= 1.1) - restriction: || (&& (== net45) (== net461)) (&& (== net45) (== net472)) (&& (== net45) (>= netstandard1.3)) (&& (== net461) (< net46)) (&& (== net472) (< net46)) (== netcoreapp2.2)
      Microsoft.NETCore.Targets (>= 1.1) - restriction: || (&& (== net45) (== net461)) (&& (== net45) (== net472)) (&& (== net45) (>= netstandard1.3)) (&& (== net461) (< net46)) (&& (== net472) (< net46)) (== netcoreapp2.2)
      System.Runtime (>= 4.3) - restriction: || (&& (== net45) (== net461)) (&& (== net45) (== net472)) (&& (== net45) (>= netstandard1.3)) (&& (== net461) (< net46)) (&& (== net472) (< net46)) (== netcoreapp2.2)
    Microsoft.Win32.Registry (4.5) - restriction: || (&& (== net45) (>= netcoreapp1.0)) (&& (== net461) (>= netcoreapp1.0)) (&& (== net472) (>= netcoreapp1.0)) (== netcoreapp2.2)
      System.Security.AccessControl (>= 4.5) - restriction: || (&& (== net45) (>= monoandroid)) (&& (== net45) (>= monotouch)) (&& (== net45) (>= net461)) (&& (== net45) (>= netcoreapp2.0)) (&& (== net45) (>= netstandard2.0)) (&& (== net45) (>= xamarinios)) (&& (== net45) (>= xamarinmac)) (&& (== net45) (>= xamarintvos)) (&& (== net45) (>= xamarinwatchos)) (== net461) (== net472) (== netcoreapp2.2)
      System.Security.Principal.Windows (>= 4.5) - restriction: || (&& (== net45) (>= monoandroid)) (&& (== net45) (>= monotouch)) (&& (== net45) (>= net461)) (&& (== net45) (>= netcoreapp2.0)) (&& (== net45) (>= netstandard2.0)) (&& (== net45) (>= xamarinios)) (&& (== net45) (>= xamarinmac)) (&& (== net45) (>= xamarintvos)) (&& (== net45) (>= xamarinwatchos)) (== net461) (== net472) (== netcoreapp2.2)
    NETStandard.Library (2.0.3) - restriction: || (&& (== net45) (< net20) (>= netstandard2.0)) (&& (== net461) (< net20) (>= netstandard2.0)) (&& (== net472) (< net20)) (== netcoreapp2.2)
      Microsoft.NETCore.Platforms (>= 1.1)
    Newtonsoft.Json (12.0.2) - restriction: || (&& (== net45) (>= netcoreapp1.0)) (&& (== net461) (>= netcoreapp1.0)) (&& (== net472) (>= netcoreapp1.0)) (== netcoreapp2.2)
    nunit (3.11)
      NETStandard.Library (>= 2.0) - restriction: || (&& (== net45) (< net20) (>= netstandard2.0)) (&& (== net461) (< net20) (>= netstandard2.0)) (&& (== net472) (< net20)) (== netcoreapp2.2)
    NUnit3TestAdapter (3.12)
      Microsoft.DotNet.InternalAbstractions (>= 1.0) - restriction: || (&& (== net45) (>= netcoreapp1.0)) (&& (== net461) (>= netcoreapp1.0)) (&& (== net472) (>= netcoreapp1.0)) (== netcoreapp2.2)
      System.ComponentModel.EventBasedAsync (>= 4.3) - restriction: || (&& (== net45) (>= netcoreapp1.0)) (&& (== net461) (>= netcoreapp1.0)) (&& (== net472) (>= netcoreapp1.0)) (== netcoreapp2.2)
      System.ComponentModel.TypeConverter (>= 4.3) - restriction: || (&& (== net45) (>= netcoreapp1.0)) (&& (== net461) (>= netcoreapp1.0)) (&& (== net472) (>= netcoreapp1.0)) (== netcoreapp2.2)
      System.Diagnostics.Process (>= 4.3) - restriction: || (&& (== net45) (>= netcoreapp1.0)) (&& (== net461) (>= netcoreapp1.0)) (&& (== net472) (>= netcoreapp1.0)) (== netcoreapp2.2)
      System.Reflection (>= 4.3) - restriction: || (&& (== net45) (>= netcoreapp1.0)) (&& (== net461) (>= netcoreapp1.0)) (&& (== net472) (>= netcoreapp1.0)) (== netcoreapp2.2)
      System.Runtime.InteropServices.RuntimeInformation (>= 4.3) - restriction: || (&& (== net45) (>= netcoreapp1.0)) (&& (== net461) (>= netcoreapp1.0)) (&& (== net472) (>= netcoreapp1.0)) (== netcoreapp2.2)
      System.Threading.Thread (>= 4.3) - restriction: || (&& (== net45) (>= netcoreapp1.0)) (&& (== net461) (>= netcoreapp1.0)) (&& (== net472) (>= netcoreapp1.0)) (== netcoreapp2.2)
      System.Xml.XmlDocument (>= 4.3) - restriction: || (&& (== net45) (>= netcoreapp1.0)) (&& (== net461) (>= netcoreapp1.0)) (&& (== net472) (>= netcoreapp1.0)) (== netcoreapp2.2)
      System.Xml.XPath.XmlDocument (>= 4.3) - restriction: || (&& (== net45) (>= netcoreapp1.0)) (&& (== net461) (>= netcoreapp1.0)) (&& (== net472) (>= netcoreapp1.0)) (== netcoreapp2.2)
    runtime.native.System (4.3.1) - restriction: || (&& (== net45) (>= netcoreapp1.0)) (&& (== net461) (>= netcoreapp1.0)) (&& (== net472) (>= netcoreapp1.0)) (== netcoreapp2.2)
      Microsoft.NETCore.Platforms (>= 1.1.1)
      Microsoft.NETCore.Targets (>= 1.1.3)
    System.AppContext (4.3) - restriction: || (&& (== net45) (>= netcoreapp1.0)) (&& (== net461) (>= netcoreapp1.0)) (&& (== net472) (>= netcoreapp1.0)) (== netcoreapp2.2)
      System.Runtime (>= 4.3) - restriction: || (&& (== net45) (== net461)) (&& (== net45) (== net472)) (&& (== net45) (>= netstandard1.3)) (&& (== net45) (>= netstandard1.6)) (&& (== net461) (< net46)) (&& (== net472) (< net46)) (== netcoreapp2.2)
    System.Collections (4.3) - restriction: || (&& (== net45) (>= netcoreapp1.0)) (&& (== net461) (>= netcoreapp1.0)) (&& (== net472) (>= netcoreapp1.0)) (== netcoreapp2.2)
      Microsoft.NETCore.Platforms (>= 1.1) - restriction: || (&& (== net461) (< net45)) (&& (== net472) (< net45)) (== netcoreapp2.2)
      Microsoft.NETCore.Targets (>= 1.1) - restriction: || (&& (== net461) (< net45)) (&& (== net472) (< net45)) (== netcoreapp2.2)
      System.Runtime (>= 4.3) - restriction: || (&& (== net461) (< net45)) (&& (== net472) (< net45)) (== netcoreapp2.2)
    System.Collections.Concurrent (4.3) - restriction: || (&& (== net45) (>= netcoreapp1.0)) (&& (== net461) (>= netcoreapp1.0)) (&& (== net472) (>= netcoreapp1.0)) (== netcoreapp2.2)
      System.Collections (>= 4.3) - restriction: || (&& (== net461) (< net45)) (&& (== net472) (< net45)) (== netcoreapp2.2)
      System.Diagnostics.Debug (>= 4.3) - restriction: || (&& (== net461) (< net45)) (&& (== net472) (< net45)) (== netcoreapp2.2)
      System.Diagnostics.Tracing (>= 4.3) - restriction: || (&& (== net461) (< net45)) (&& (== net472) (< net45)) (== netcoreapp2.2)
      System.Globalization (>= 4.3) - restriction: || (&& (== net461) (< net45)) (&& (== net472) (< net45)) (== netcoreapp2.2)
      System.Reflection (>= 4.3) - restriction: || (&& (== net461) (< net45)) (&& (== net472) (< net45)) (== netcoreapp2.2)
      System.Resources.ResourceManager (>= 4.3) - restriction: || (&& (== net461) (< net45)) (&& (== net472) (< net45)) (== netcoreapp2.2)
      System.Runtime (>= 4.3) - restriction: || (&& (== net461) (< net45)) (&& (== net472) (< net45)) (== netcoreapp2.2)
      System.Runtime.Extensions (>= 4.3) - restriction: || (&& (== net461) (< net45)) (&& (== net472) (< net45)) (== netcoreapp2.2)
      System.Threading (>= 4.3) - restriction: || (&& (== net461) (< net45)) (&& (== net472) (< net45)) (== netcoreapp2.2)
      System.Threading.Tasks (>= 4.3) - restriction: || (&& (== net461) (< net45)) (&& (== net472) (< net45)) (== netcoreapp2.2)
    System.Collections.NonGeneric (4.3) - restriction: || (&& (== net45) (>= netcoreapp1.0)) (&& (== net461) (>= netcoreapp1.0)) (&& (== net472) (>= netcoreapp1.0)) (== netcoreapp2.2)
      System.Diagnostics.Debug (>= 4.3) - restriction: || (&& (== net45) (== net461)) (&& (== net45) (== net472)) (&& (== net45) (>= netstandard1.3)) (&& (== net461) (< net46)) (&& (== net472) (< net46)) (== netcoreapp2.2)
      System.Globalization (>= 4.3) - restriction: || (&& (== net45) (== net461)) (&& (== net45) (== net472)) (&& (== net45) (>= netstandard1.3)) (&& (== net461) (< net46)) (&& (== net472) (< net46)) (== netcoreapp2.2)
      System.Resources.ResourceManager (>= 4.3) - restriction: || (&& (== net45) (== net461)) (&& (== net45) (== net472)) (&& (== net45) (>= netstandard1.3)) (&& (== net461) (< net46)) (&& (== net472) (< net46)) (== netcoreapp2.2)
      System.Runtime (>= 4.3) - restriction: || (&& (== net45) (== net461)) (&& (== net45) (== net472)) (&& (== net45) (>= netstandard1.3)) (&& (== net461) (< net46)) (&& (== net472) (< net46)) (== netcoreapp2.2)
      System.Runtime.Extensions (>= 4.3) - restriction: || (&& (== net45) (== net461)) (&& (== net45) (== net472)) (&& (== net45) (>= netstandard1.3)) (&& (== net461) (< net46)) (&& (== net472) (< net46)) (== netcoreapp2.2)
      System.Threading (>= 4.3) - restriction: || (&& (== net45) (== net461)) (&& (== net45) (== net472)) (&& (== net45) (>= netstandard1.3)) (&& (== net461) (< net46)) (&& (== net472) (< net46)) (== netcoreapp2.2)
    System.Collections.Specialized (4.3) - restriction: || (&& (== net45) (>= netcoreapp1.0)) (&& (== net461) (>= netcoreapp1.0)) (&& (== net472) (>= netcoreapp1.0)) (== netcoreapp2.2)
      System.Collections.NonGeneric (>= 4.3) - restriction: || (&& (== net45) (== net461)) (&& (== net45) (== net472)) (&& (== net45) (>= netstandard1.3)) (&& (== net461) (< net46)) (&& (== net472) (< net46)) (== netcoreapp2.2)
      System.Globalization (>= 4.3) - restriction: || (&& (== net45) (== net461)) (&& (== net45) (== net472)) (&& (== net45) (>= netstandard1.3)) (&& (== net461) (< net46)) (&& (== net472) (< net46)) (== netcoreapp2.2)
      System.Globalization.Extensions (>= 4.3) - restriction: || (&& (== net45) (== net461)) (&& (== net45) (== net472)) (&& (== net45) (>= netstandard1.3)) (&& (== net461) (< net46)) (&& (== net472) (< net46)) (== netcoreapp2.2)
      System.Resources.ResourceManager (>= 4.3) - restriction: || (&& (== net45) (== net461)) (&& (== net45) (== net472)) (&& (== net45) (>= netstandard1.3)) (&& (== net461) (< net46)) (&& (== net472) (< net46)) (== netcoreapp2.2)
      System.Runtime (>= 4.3) - restriction: || (&& (== net45) (== net461)) (&& (== net45) (== net472)) (&& (== net45) (>= netstandard1.3)) (&& (== net461) (< net46)) (&& (== net472) (< net46)) (== netcoreapp2.2)
      System.Runtime.Extensions (>= 4.3) - restriction: || (&& (== net45) (== net461)) (&& (== net45) (== net472)) (&& (== net45) (>= netstandard1.3)) (&& (== net461) (< net46)) (&& (== net472) (< net46)) (== netcoreapp2.2)
      System.Threading (>= 4.3) - restriction: || (&& (== net45) (== net461)) (&& (== net45) (== net472)) (&& (== net45) (>= netstandard1.3)) (&& (== net461) (< net46)) (&& (== net472) (< net46)) (== netcoreapp2.2)
    System.ComponentModel (4.3) - restriction: || (&& (== net45) (>= netcoreapp1.0)) (&& (== net461) (>= netcoreapp1.0)) (&& (== net472) (>= netcoreapp1.0)) (== netcoreapp2.2)
      System.Runtime (>= 4.3) - restriction: || (&& (== net461) (< net45)) (&& (== net472) (< net45)) (== netcoreapp2.2)
    System.ComponentModel.EventBasedAsync (4.3) - restriction: || (&& (== net45) (>= netcoreapp1.0)) (&& (== net461) (>= netcoreapp1.0)) (&& (== net472) (>= netcoreapp1.0)) (== netcoreapp2.2)
      System.Resources.ResourceManager (>= 4.3) - restriction: || (&& (== net461) (< net45)) (&& (== net472) (< net45)) (== netcoreapp2.2)
      System.Runtime (>= 4.3) - restriction: || (&& (== net461) (< net45)) (&& (== net472) (< net45)) (== netcoreapp2.2)
      System.Threading (>= 4.3) - restriction: || (&& (== net461) (< net45)) (&& (== net472) (< net45)) (== netcoreapp2.2)
      System.Threading.Tasks (>= 4.3) - restriction: || (&& (== net461) (< net45)) (&& (== net472) (< net45)) (== netcoreapp2.2)
    System.ComponentModel.Primitives (4.3) - restriction: || (&& (== net45) (>= netcoreapp1.0)) (&& (== net461) (>= netcoreapp1.0)) (&& (== net472) (>= netcoreapp1.0)) (== netcoreapp2.2)
      System.ComponentModel (>= 4.3) - restriction: || (&& (== net461) (< net45)) (&& (== net472) (< net45)) (== netcoreapp2.2)
      System.Resources.ResourceManager (>= 4.3) - restriction: || (&& (== net461) (< net45)) (&& (== net472) (< net45)) (== netcoreapp2.2)
      System.Runtime (>= 4.3) - restriction: || (&& (== net461) (< net45)) (&& (== net472) (< net45)) (== netcoreapp2.2)
    System.ComponentModel.TypeConverter (4.3) - restriction: || (&& (== net45) (>= netcoreapp1.0)) (&& (== net461) (>= netcoreapp1.0)) (&& (== net472) (>= netcoreapp1.0)) (== netcoreapp2.2)
      System.Collections (>= 4.3) - restriction: || (&& (== net461) (< net45)) (&& (== net472) (< net45)) (== netcoreapp2.2)
      System.Collections.NonGeneric (>= 4.3) - restriction: || (&& (== net45) (>= net462)) (&& (== net461) (< net45) (>= netstandard1.5)) (&& (== net461) (>= net462)) (== net472) (== netcoreapp2.2)
      System.Collections.Specialized (>= 4.3) - restriction: || (&& (== net461) (< net45) (>= netstandard1.5)) (&& (== net472) (< net45)) (== netcoreapp2.2)
      System.ComponentModel (>= 4.3) - restriction: || (&& (== net461) (< net45)) (&& (== net472) (< net45)) (== netcoreapp2.2)
      System.ComponentModel.Primitives (>= 4.3)
      System.Globalization (>= 4.3) - restriction: || (&& (== net461) (< net45)) (&& (== net472) (< net45)) (== netcoreapp2.2)
      System.Linq (>= 4.3) - restriction: || (&& (== net461) (< net45) (>= netstandard1.5)) (&& (== net472) (< net45)) (== netcoreapp2.2)
      System.Reflection (>= 4.3) - restriction: || (&& (== net461) (< net45)) (&& (== net472) (< net45)) (== netcoreapp2.2)
      System.Reflection.Extensions (>= 4.3) - restriction: || (&& (== net461) (< net45)) (&& (== net472) (< net45)) (== netcoreapp2.2)
      System.Reflection.Primitives (>= 4.3) - restriction: || (&& (== net461) (< net45)) (&& (== net472) (< net45)) (== netcoreapp2.2)
      System.Reflection.TypeExtensions (>= 4.3) - restriction: || (&& (== net461) (< net45) (>= netstandard1.5)) (&& (== net472) (< net45)) (== netcoreapp2.2)
      System.Resources.ResourceManager (>= 4.3) - restriction: || (&& (== net461) (< net45)) (&& (== net472) (< net45)) (== netcoreapp2.2)
      System.Runtime (>= 4.3) - restriction: || (&& (== net461) (< net45)) (&& (== net472) (< net45)) (== netcoreapp2.2)
      System.Runtime.Extensions (>= 4.3) - restriction: || (&& (== net461) (< net45)) (&& (== net472) (< net45)) (== netcoreapp2.2)
      System.Threading (>= 4.3) - restriction: || (&& (== net461) (< net45)) (&& (== net472) (< net45)) (== netcoreapp2.2)
    System.Diagnostics.Debug (4.3) - restriction: || (&& (== net45) (>= netcoreapp1.0)) (&& (== net461) (>= netcoreapp1.0)) (&& (== net472) (>= netcoreapp1.0)) (== netcoreapp2.2)
      Microsoft.NETCore.Platforms (>= 1.1) - restriction: || (&& (== net461) (< net45)) (&& (== net472) (< net45)) (== netcoreapp2.2)
      Microsoft.NETCore.Targets (>= 1.1) - restriction: || (&& (== net461) (< net45)) (&& (== net472) (< net45)) (== netcoreapp2.2)
      System.Runtime (>= 4.3) - restriction: || (&& (== net461) (< net45)) (&& (== net472) (< net45)) (== netcoreapp2.2)
    System.Diagnostics.Process (4.3) - restriction: || (&& (== net45) (>= netcoreapp1.0)) (&& (== net461) (>= netcoreapp1.0)) (&& (== net472) (>= netcoreapp1.0)) (== netcoreapp2.2)
      Microsoft.NETCore.Platforms (>= 1.1) - restriction: || (&& (== net45) (== net461)) (&& (== net45) (== net472)) (&& (== net45) (>= netstandard1.4)) (&& (== net461) (< net46)) (&& (== net472) (< net46)) (== netcoreapp2.2)
      Microsoft.Win32.Primitives (>= 4.3) - restriction: || (&& (== net45) (== net461)) (&& (== net45) (== net472)) (&& (== net45) (>= netstandard1.4)) (&& (== net461) (< net46)) (&& (== net472) (< net46)) (== netcoreapp2.2)
      Microsoft.Win32.Registry (>= 4.3) - restriction: || (&& (== net45) (== net461)) (&& (== net45) (== net472)) (&& (== net45) (>= netstandard1.4)) (&& (== net461) (< net46)) (&& (== net472) (< net46)) (== netcoreapp2.2)
      runtime.native.System (>= 4.3) - restriction: || (&& (== net45) (== net461)) (&& (== net45) (== net472)) (&& (== net45) (>= netstandard1.4)) (&& (== net461) (< net46)) (&& (== net472) (< net46)) (== netcoreapp2.2)
      System.Collections (>= 4.3) - restriction: || (&& (== net45) (== net461)) (&& (== net45) (== net472)) (&& (== net45) (>= netstandard1.4)) (&& (== net461) (< net46)) (&& (== net472) (< net46)) (== netcoreapp2.2)
      System.Diagnostics.Debug (>= 4.3) - restriction: || (&& (== net45) (== net461)) (&& (== net45) (== net472)) (&& (== net45) (>= netstandard1.4)) (&& (== net461) (< net46)) (&& (== net472) (< net46)) (== netcoreapp2.2)
      System.Globalization (>= 4.3) - restriction: || (&& (== net45) (== net461)) (&& (== net45) (== net472)) (&& (== net45) (>= netstandard1.4)) (&& (== net461) (< net46)) (&& (== net472) (< net46)) (== netcoreapp2.2)
      System.IO (>= 4.3) - restriction: || (&& (== net45) (== net461)) (&& (== net45) (== net472)) (&& (== net45) (>= netstandard1.3)) (&& (== net45) (>= netstandard1.4)) (&& (== net461) (< net46)) (&& (== net472) (< net46)) (== netcoreapp2.2)
      System.IO.FileSystem (>= 4.3) - restriction: || (&& (== net45) (== net461)) (&& (== net45) (== net472)) (&& (== net45) (>= netstandard1.4)) (&& (== net461) (< net46)) (&& (== net472) (< net46)) (== netcoreapp2.2)
      System.IO.FileSystem.Primitives (>= 4.3) - restriction: || (&& (== net45) (== net461)) (&& (== net45) (== net472)) (&& (== net45) (>= netstandard1.4)) (&& (== net461) (< net46)) (&& (== net472) (< net46)) (== netcoreapp2.2)
      System.Resources.ResourceManager (>= 4.3) - restriction: || (&& (== net45) (== net461)) (&& (== net45) (== net472)) (&& (== net45) (>= netstandard1.4)) (&& (== net461) (< net46)) (&& (== net472) (< net46)) (== netcoreapp2.2)
      System.Runtime (>= 4.3) - restriction: || (&& (== net45) (== net461)) (&& (== net45) (== net472)) (&& (== net45) (>= netstandard1.3)) (&& (== net45) (>= netstandard1.4)) (&& (== net461) (< net46)) (&& (== net472) (< net46)) (== netcoreapp2.2)
      System.Runtime.Extensions (>= 4.3) - restriction: || (&& (== net45) (== net461)) (&& (== net45) (== net472)) (&& (== net45) (>= netstandard1.4)) (&& (== net461) (< net46)) (&& (== net472) (< net46)) (== netcoreapp2.2)
      System.Runtime.Handles (>= 4.3) - restriction: || (&& (== net45) (== net461)) (&& (== net45) (== net472)) (&& (== net45) (>= netstandard1.3)) (&& (== net45) (>= netstandard1.4)) (&& (== net461) (< net46)) (&& (== net472) (< net46)) (== netcoreapp2.2)
      System.Runtime.InteropServices (>= 4.3) - restriction: || (&& (== net45) (== net461)) (&& (== net45) (== net472)) (&& (== net45) (>= netstandard1.4)) (&& (== net461) (< net46)) (&& (== net472) (< net46)) (== netcoreapp2.2)
      System.Text.Encoding (>= 4.3) - restriction: || (&& (== net45) (== net461)) (&& (== net45) (== net472)) (&& (== net45) (>= netstandard1.3)) (&& (== net45) (>= netstandard1.4)) (&& (== net461) (< net46)) (&& (== net472) (< net46)) (== netcoreapp2.2)
      System.Text.Encoding.Extensions (>= 4.3) - restriction: || (&& (== net45) (== net461)) (&& (== net45) (== net472)) (&& (== net45) (>= netstandard1.4)) (&& (== net461) (< net46)) (&& (== net472) (< net46)) (== netcoreapp2.2)
      System.Threading (>= 4.3) - restriction: || (&& (== net45) (== net461)) (&& (== net45) (== net472)) (&& (== net45) (>= netstandard1.4)) (&& (== net461) (< net46)) (&& (== net472) (< net46)) (== netcoreapp2.2)
      System.Threading.Tasks (>= 4.3) - restriction: || (&& (== net45) (== net461)) (&& (== net45) (== net472)) (&& (== net45) (>= netstandard1.4)) (&& (== net461) (< net46)) (&& (== net472) (< net46)) (== netcoreapp2.2)
      System.Threading.Thread (>= 4.3) - restriction: || (&& (== net45) (== net461)) (&& (== net45) (== net472)) (&& (== net45) (>= netstandard1.4)) (&& (== net461) (< net46)) (&& (== net472) (< net46)) (== netcoreapp2.2)
      System.Threading.ThreadPool (>= 4.3) - restriction: || (&& (== net45) (== net461)) (&& (== net45) (== net472)) (&& (== net45) (>= netstandard1.4)) (&& (== net461) (< net46)) (&& (== net472) (< net46)) (== netcoreapp2.2)
    System.Diagnostics.TextWriterTraceListener (4.3) - restriction: || (&& (== net45) (>= netcoreapp1.0)) (&& (== net461) (>= netcoreapp1.0)) (&& (== net472) (>= netcoreapp1.0)) (== netcoreapp2.2)
      System.Diagnostics.TraceSource (>= 4.3) - restriction: || (&& (== net45) (>= net46)) (&& (== net45) (>= netstandard1.3)) (== net461) (== net472) (== netcoreapp2.2)
      System.Globalization (>= 4.3) - restriction: || (&& (== net45) (== net461)) (&& (== net45) (== net472)) (&& (== net45) (>= netstandard1.3)) (&& (== net461) (< net46)) (&& (== net472) (< net46)) (== netcoreapp2.2)
      System.IO (>= 4.3) - restriction: || (&& (== net45) (== net461)) (&& (== net45) (== net472)) (&& (== net45) (>= netstandard1.3)) (&& (== net461) (< net46)) (&& (== net472) (< net46)) (== netcoreapp2.2)
      System.Resources.ResourceManager (>= 4.3) - restriction: || (&& (== net45) (== net461)) (&& (== net45) (== net472)) (&& (== net45) (>= netstandard1.3)) (&& (== net461) (< net46)) (&& (== net472) (< net46)) (== netcoreapp2.2)
      System.Runtime (>= 4.3) - restriction: || (&& (== net45) (== net461)) (&& (== net45) (== net472)) (&& (== net45) (>= netstandard1.3)) (&& (== net461) (< net46)) (&& (== net472) (< net46)) (== netcoreapp2.2)
      System.Threading (>= 4.3) - restriction: || (&& (== net45) (== net461)) (&& (== net45) (== net472)) (&& (== net45) (>= netstandard1.3)) (&& (== net461) (< net46)) (&& (== net472) (< net46)) (== netcoreapp2.2)
    System.Diagnostics.Tools (4.3) - restriction: || (&& (== net45) (>= netcoreapp1.0)) (&& (== net461) (>= netcoreapp1.0)) (&& (== net472) (>= netcoreapp1.0)) (== netcoreapp2.2)
      Microsoft.NETCore.Platforms (>= 1.1) - restriction: || (&& (== net461) (< net45)) (&& (== net472) (< net45)) (== netcoreapp2.2)
      Microsoft.NETCore.Targets (>= 1.1) - restriction: || (&& (== net461) (< net45)) (&& (== net472) (< net45)) (== netcoreapp2.2)
      System.Runtime (>= 4.3) - restriction: || (&& (== net461) (< net45)) (&& (== net472) (< net45)) (== netcoreapp2.2)
    System.Diagnostics.TraceSource (4.3) - restriction: || (&& (== net45) (>= netcoreapp1.0)) (&& (== net461) (>= netcoreapp1.0)) (&& (== net472) (>= netcoreapp1.0)) (== netcoreapp2.2)
      Microsoft.NETCore.Platforms (>= 1.1) - restriction: || (&& (== net45) (== net461)) (&& (== net45) (== net472)) (&& (== net45) (>= netstandard1.3)) (&& (== net461) (< net46)) (&& (== net472) (< net46)) (== netcoreapp2.2)
      runtime.native.System (>= 4.3) - restriction: || (&& (== net45) (== net461)) (&& (== net45) (== net472)) (&& (== net45) (>= netstandard1.3)) (&& (== net461) (< net46)) (&& (== net472) (< net46)) (== netcoreapp2.2)
      System.Collections (>= 4.3) - restriction: || (&& (== net45) (== net461)) (&& (== net45) (== net472)) (&& (== net45) (>= netstandard1.3)) (&& (== net461) (< net46)) (&& (== net472) (< net46)) (== netcoreapp2.2)
      System.Diagnostics.Debug (>= 4.3) - restriction: || (&& (== net45) (== net461)) (&& (== net45) (== net472)) (&& (== net45) (>= netstandard1.3)) (&& (== net461) (< net46)) (&& (== net472) (< net46)) (== netcoreapp2.2)
      System.Globalization (>= 4.3) - restriction: || (&& (== net45) (== net461)) (&& (== net45) (== net472)) (&& (== net45) (>= netstandard1.3)) (&& (== net461) (< net46)) (&& (== net472) (< net46)) (== netcoreapp2.2)
      System.Resources.ResourceManager (>= 4.3) - restriction: || (&& (== net45) (== net461)) (&& (== net45) (== net472)) (&& (== net45) (>= netstandard1.3)) (&& (== net461) (< net46)) (&& (== net472) (< net46)) (== netcoreapp2.2)
      System.Runtime (>= 4.3) - restriction: || (&& (== net45) (== net461)) (&& (== net45) (== net472)) (&& (== net45) (>= netstandard1.3)) (&& (== net461) (< net46)) (&& (== net472) (< net46)) (== netcoreapp2.2)
      System.Runtime.Extensions (>= 4.3) - restriction: || (&& (== net45) (== net461)) (&& (== net45) (== net472)) (&& (== net45) (>= netstandard1.3)) (&& (== net461) (< net46)) (&& (== net472) (< net46)) (== netcoreapp2.2)
      System.Threading (>= 4.3) - restriction: || (&& (== net45) (== net461)) (&& (== net45) (== net472)) (&& (== net45) (>= netstandard1.3)) (&& (== net461) (< net46)) (&& (== net472) (< net46)) (== netcoreapp2.2)
    System.Diagnostics.Tracing (4.3) - restriction: || (&& (== net45) (>= netcoreapp1.0)) (&& (== net461) (>= netcoreapp1.0)) (&& (== net472) (>= netcoreapp1.0)) (== netcoreapp2.2)
      Microsoft.NETCore.Platforms (>= 1.1) - restriction: || (&& (== net461) (< net45)) (&& (== net472) (< net45)) (== netcoreapp2.2)
      Microsoft.NETCore.Targets (>= 1.1) - restriction: || (&& (== net461) (< net45)) (&& (== net472) (< net45)) (== netcoreapp2.2)
      System.Runtime (>= 4.3) - restriction: || (&& (== net461) (< net45)) (&& (== net472) (< net45)) (== netcoreapp2.2)
    System.Globalization (4.3) - restriction: || (&& (== net45) (>= netcoreapp1.0)) (&& (== net461) (>= netcoreapp1.0)) (&& (== net472) (>= netcoreapp1.0)) (== netcoreapp2.2)
      Microsoft.NETCore.Platforms (>= 1.1) - restriction: || (&& (== net461) (< net45)) (&& (== net472) (< net45)) (== netcoreapp2.2)
      Microsoft.NETCore.Targets (>= 1.1) - restriction: || (&& (== net461) (< net45)) (&& (== net472) (< net45)) (== netcoreapp2.2)
      System.Runtime (>= 4.3) - restriction: || (&& (== net461) (< net45)) (&& (== net472) (< net45)) (== netcoreapp2.2)
    System.Globalization.Extensions (4.3) - restriction: || (&& (== net45) (>= netcoreapp1.0)) (&& (== net461) (>= netcoreapp1.0)) (&& (== net472) (>= netcoreapp1.0)) (== netcoreapp2.2)
      Microsoft.NETCore.Platforms (>= 1.1) - restriction: || (&& (== net45) (== net461)) (&& (== net45) (== net472)) (&& (== net45) (>= netstandard1.3)) (&& (== net461) (< net46)) (&& (== net472) (< net46)) (== netcoreapp2.2)
      System.Globalization (>= 4.3) - restriction: || (&& (== net45) (== net461)) (&& (== net45) (== net472)) (&& (== net45) (>= netstandard1.3)) (&& (== net461) (< net46)) (&& (== net472) (< net46)) (== netcoreapp2.2)
      System.Resources.ResourceManager (>= 4.3) - restriction: || (&& (== net45) (== net461)) (&& (== net45) (== net472)) (&& (== net45) (>= netstandard1.3)) (&& (== net461) (< net46)) (&& (== net472) (< net46)) (== netcoreapp2.2)
      System.Runtime (>= 4.3) - restriction: || (&& (== net45) (== net461)) (&& (== net45) (== net472)) (&& (== net45) (>= netstandard1.3)) (&& (== net461) (< net46)) (&& (== net472) (< net46)) (== netcoreapp2.2)
      System.Runtime.Extensions (>= 4.3) - restriction: || (&& (== net45) (== net461)) (&& (== net45) (== net472)) (&& (== net45) (>= netstandard1.3)) (&& (== net461) (< net46)) (&& (== net472) (< net46)) (== netcoreapp2.2)
      System.Runtime.InteropServices (>= 4.3) - restriction: || (&& (== net45) (== net461)) (&& (== net45) (== net472)) (&& (== net45) (>= netstandard1.3)) (&& (== net461) (< net46)) (&& (== net472) (< net46)) (== netcoreapp2.2)
    System.IO (4.3) - restriction: || (&& (== net45) (>= netcoreapp1.0)) (&& (== net461) (>= netcoreapp1.0)) (&& (== net472) (>= netcoreapp1.0)) (== netcoreapp2.2)
      Microsoft.NETCore.Platforms (>= 1.1) - restriction: || (&& (== net461) (< net45)) (&& (== net472) (< net45)) (== netcoreapp2.2)
      Microsoft.NETCore.Targets (>= 1.1) - restriction: || (&& (== net461) (< net45)) (&& (== net472) (< net45)) (== netcoreapp2.2)
      System.Runtime (>= 4.3) - restriction: || (&& (== net461) (< net45)) (&& (== net472) (< net45)) (== netcoreapp2.2)
      System.Text.Encoding (>= 4.3) - restriction: || (&& (== net461) (< net45)) (&& (== net472) (< net45)) (== netcoreapp2.2)
      System.Threading.Tasks (>= 4.3) - restriction: || (&& (== net461) (< net45)) (&& (== net472) (< net45)) (== netcoreapp2.2)
    System.IO.FileSystem (4.3) - restriction: || (&& (== net45) (>= netcoreapp1.0)) (&& (== net461) (>= netcoreapp1.0)) (&& (== net472) (>= netcoreapp1.0)) (== netcoreapp2.2)
      Microsoft.NETCore.Platforms (>= 1.1) - restriction: || (&& (== net45) (== net461)) (&& (== net45) (== net472)) (&& (== net45) (>= netstandard1.3)) (&& (== net461) (< net46)) (&& (== net472) (< net46)) (== netcoreapp2.2)
      Microsoft.NETCore.Targets (>= 1.1) - restriction: || (&& (== net45) (== net461)) (&& (== net45) (== net472)) (&& (== net45) (>= netstandard1.3)) (&& (== net461) (< net46)) (&& (== net472) (< net46)) (== netcoreapp2.2)
      System.IO (>= 4.3) - restriction: || (&& (== net45) (== net461)) (&& (== net45) (== net472)) (&& (== net45) (>= netstandard1.3)) (&& (== net461) (< net46)) (&& (== net472) (< net46)) (== netcoreapp2.2)
      System.IO.FileSystem.Primitives (>= 4.3) - restriction: || (&& (== net45) (>= net46)) (&& (== net45) (>= netstandard1.3)) (== net461) (== net472) (== netcoreapp2.2)
      System.Runtime (>= 4.3) - restriction: || (&& (== net45) (== net461)) (&& (== net45) (== net472)) (&& (== net45) (>= netstandard1.3)) (&& (== net461) (< net46)) (&& (== net472) (< net46)) (== netcoreapp2.2)
      System.Runtime.Handles (>= 4.3) - restriction: || (&& (== net45) (== net461)) (&& (== net45) (== net472)) (&& (== net45) (>= netstandard1.3)) (&& (== net461) (< net46)) (&& (== net472) (< net46)) (== netcoreapp2.2)
      System.Text.Encoding (>= 4.3) - restriction: || (&& (== net45) (== net461)) (&& (== net45) (== net472)) (&& (== net45) (>= netstandard1.3)) (&& (== net461) (< net46)) (&& (== net472) (< net46)) (== netcoreapp2.2)
      System.Threading.Tasks (>= 4.3) - restriction: || (&& (== net45) (== net461)) (&& (== net45) (== net472)) (&& (== net45) (>= netstandard1.3)) (&& (== net461) (< net46)) (&& (== net472) (< net46)) (== netcoreapp2.2)
    System.IO.FileSystem.Primitives (4.3) - restriction: || (&& (== net45) (>= netcoreapp1.0)) (&& (== net461) (>= netcoreapp1.0)) (&& (== net472) (>= netcoreapp1.0)) (== netcoreapp2.2)
      System.Runtime (>= 4.3) - restriction: || (&& (== net45) (== net461)) (&& (== net45) (== net472)) (&& (== net45) (>= netstandard1.3)) (&& (== net461) (< net46)) (&& (== net472) (< net46)) (== netcoreapp2.2)
    System.Linq (4.3) - restriction: || (&& (== net45) (>= netcoreapp1.0)) (&& (== net461) (>= netcoreapp1.0)) (&& (== net472) (>= netcoreapp1.0)) (== netcoreapp2.2)
      System.Collections (>= 4.3) - restriction: || (&& (== net461) (< net45)) (&& (== net472) (< net45)) (== netcoreapp2.2)
      System.Diagnostics.Debug (>= 4.3) - restriction: || (&& (== net461) (< net45) (>= netstandard1.6)) (&& (== net472) (< net45)) (== netcoreapp2.2)
      System.Resources.ResourceManager (>= 4.3) - restriction: || (&& (== net461) (< net45) (>= netstandard1.6)) (&& (== net472) (< net45)) (== netcoreapp2.2)
      System.Runtime (>= 4.3) - restriction: || (&& (== net461) (< net45)) (&& (== net472) (< net45)) (== netcoreapp2.2)
      System.Runtime.Extensions (>= 4.3) - restriction: || (&& (== net461) (< net45) (>= netstandard1.6)) (&& (== net472) (< net45)) (== netcoreapp2.2)
    System.Private.DataContractSerialization (4.3) - restriction: || (&& (== net45) (>= netcoreapp1.0)) (&& (== net461) (>= netcoreapp1.0)) (&& (== net472) (>= netcoreapp1.0)) (== netcoreapp2.2)
      System.Collections (>= 4.3) - restriction: || (&& (== net45) (== net461)) (&& (== net45) (== net472)) (&& (== net45) (>= netstandard1.3)) (&& (== net461) (< net46)) (&& (== net472) (< net46)) (== netcoreapp2.2)
      System.Collections.Concurrent (>= 4.3) - restriction: || (&& (== net45) (== net461)) (&& (== net45) (== net472)) (&& (== net45) (>= netstandard1.3)) (&& (== net461) (< net46)) (&& (== net472) (< net46)) (== netcoreapp2.2)
      System.Diagnostics.Debug (>= 4.3) - restriction: || (&& (== net45) (== net461)) (&& (== net45) (== net472)) (&& (== net45) (>= netstandard1.3)) (&& (== net461) (< net46)) (&& (== net472) (< net46)) (== netcoreapp2.2)
      System.Globalization (>= 4.3) - restriction: || (&& (== net45) (== net461)) (&& (== net45) (== net472)) (&& (== net45) (>= netstandard1.3)) (&& (== net461) (< net46)) (&& (== net472) (< net46)) (== netcoreapp2.2)
      System.IO (>= 4.3) - restriction: || (&& (== net45) (== net461)) (&& (== net45) (== net472)) (&& (== net45) (>= netstandard1.3)) (&& (== net461) (< net46)) (&& (== net472) (< net46)) (== netcoreapp2.2)
      System.Linq (>= 4.3) - restriction: || (&& (== net45) (== net461)) (&& (== net45) (== net472)) (&& (== net45) (>= netstandard1.3)) (&& (== net461) (< net46)) (&& (== net472) (< net46)) (== netcoreapp2.2)
      System.Reflection (>= 4.3) - restriction: || (&& (== net45) (== net461)) (&& (== net45) (== net472)) (&& (== net45) (>= netstandard1.3)) (&& (== net461) (< net46)) (&& (== net472) (< net46)) (== netcoreapp2.2)
      System.Reflection.Emit.ILGeneration (>= 4.3) - restriction: || (&& (== net45) (== net461)) (&& (== net45) (== net472)) (&& (== net45) (>= netstandard1.3)) (&& (== net461) (< net46)) (&& (== net472) (< net46)) (== netcoreapp2.2)
      System.Reflection.Emit.Lightweight (>= 4.3) - restriction: || (&& (== net45) (== net461)) (&& (== net45) (== net472)) (&& (== net45) (>= netstandard1.3)) (&& (== net461) (< net46)) (&& (== net472) (< net46)) (== netcoreapp2.2)
      System.Reflection.Extensions (>= 4.3) - restriction: || (&& (== net45) (== net461)) (&& (== net45) (== net472)) (&& (== net45) (>= netstandard1.3)) (&& (== net461) (< net46)) (&& (== net472) (< net46)) (== netcoreapp2.2)
      System.Reflection.Primitives (>= 4.3) - restriction: || (&& (== net45) (== net461)) (&& (== net45) (== net472)) (&& (== net45) (>= netstandard1.3)) (&& (== net461) (< net46)) (&& (== net472) (< net46)) (== netcoreapp2.2)
      System.Reflection.TypeExtensions (>= 4.3) - restriction: || (&& (== net45) (>= net46)) (&& (== net45) (>= netstandard1.3)) (== net461) (== net472) (== netcoreapp2.2)
      System.Resources.ResourceManager (>= 4.3) - restriction: || (&& (== net45) (== net461)) (&& (== net45) (== net472)) (&& (== net45) (>= netstandard1.3)) (&& (== net461) (< net46)) (&& (== net472) (< net46)) (== netcoreapp2.2)
      System.Runtime (>= 4.3) - restriction: || (&& (== net45) (== net461)) (&& (== net45) (== net472)) (&& (== net45) (>= netstandard1.3)) (&& (== net461) (< net46)) (&& (== net472) (< net46)) (== netcoreapp2.2)
      System.Runtime.Extensions (>= 4.3) - restriction: || (&& (== net45) (== net461)) (&& (== net45) (== net472)) (&& (== net45) (>= netstandard1.3)) (&& (== net461) (< net46)) (&& (== net472) (< net46)) (== netcoreapp2.2)
      System.Runtime.Serialization.Primitives (>= 4.3) - restriction: || (&& (== net45) (>= net46)) (&& (== net45) (>= netstandard1.3)) (== net461) (== net472) (== netcoreapp2.2)
      System.Text.Encoding (>= 4.3) - restriction: || (&& (== net45) (== net461)) (&& (== net45) (== net472)) (&& (== net45) (>= netstandard1.3)) (&& (== net461) (< net46)) (&& (== net472) (< net46)) (== netcoreapp2.2)
      System.Text.Encoding.Extensions (>= 4.3) - restriction: || (&& (== net45) (== net461)) (&& (== net45) (== net472)) (&& (== net45) (>= netstandard1.3)) (&& (== net461) (< net46)) (&& (== net472) (< net46)) (== netcoreapp2.2)
      System.Text.RegularExpressions (>= 4.3) - restriction: || (&& (== net45) (== net461)) (&& (== net45) (== net472)) (&& (== net45) (>= netstandard1.3)) (&& (== net461) (< net46)) (&& (== net472) (< net46)) (== netcoreapp2.2)
      System.Threading (>= 4.3) - restriction: || (&& (== net45) (== net461)) (&& (== net45) (== net472)) (&& (== net45) (>= netstandard1.3)) (&& (== net461) (< net46)) (&& (== net472) (< net46)) (== netcoreapp2.2)
      System.Threading.Tasks (>= 4.3) - restriction: || (&& (== net45) (== net461)) (&& (== net45) (== net472)) (&& (== net45) (>= netstandard1.3)) (&& (== net461) (< net46)) (&& (== net472) (< net46)) (== netcoreapp2.2)
      System.Xml.ReaderWriter (>= 4.3) - restriction: || (&& (== net45) (== net461)) (&& (== net45) (== net472)) (&& (== net45) (>= netstandard1.3)) (&& (== net461) (< net46)) (&& (== net472) (< net46)) (== netcoreapp2.2)
      System.Xml.XDocument (>= 4.3) - restriction: || (&& (== net45) (== net461)) (&& (== net45) (== net472)) (&& (== net45) (>= netstandard1.3)) (&& (== net461) (< net46)) (&& (== net472) (< net46)) (== netcoreapp2.2)
      System.Xml.XmlDocument (>= 4.3) - restriction: || (&& (== net45) (>= net46)) (&& (== net45) (>= netstandard1.3)) (== net461) (== net472) (== netcoreapp2.2)
      System.Xml.XmlSerializer (>= 4.3) - restriction: || (&& (== net45) (== net461)) (&& (== net45) (== net472)) (&& (== net45) (>= netstandard1.3)) (&& (== net461) (< net46)) (&& (== net472) (< net46)) (== netcoreapp2.2)
    System.Reflection (4.3) - restriction: || (&& (== net45) (>= netcoreapp1.0)) (&& (== net461) (>= netcoreapp1.0)) (&& (== net472) (>= netcoreapp1.0)) (== netcoreapp2.2)
      Microsoft.NETCore.Platforms (>= 1.1) - restriction: || (&& (== net461) (< net45)) (&& (== net472) (< net45)) (== netcoreapp2.2)
      Microsoft.NETCore.Targets (>= 1.1) - restriction: || (&& (== net461) (< net45)) (&& (== net472) (< net45)) (== netcoreapp2.2)
      System.IO (>= 4.3) - restriction: || (&& (== net461) (< net45)) (&& (== net472) (< net45)) (== netcoreapp2.2)
      System.Reflection.Primitives (>= 4.3) - restriction: || (&& (== net461) (< net45)) (&& (== net472) (< net45)) (== netcoreapp2.2)
      System.Runtime (>= 4.3) - restriction: || (&& (== net461) (< net45)) (&& (== net472) (< net45)) (== netcoreapp2.2)
    System.Reflection.Emit (4.3) - restriction: || (&& (== net45) (>= netcoreapp1.0)) (&& (== net461) (>= netcoreapp1.0)) (&& (== net472) (>= netcoreapp1.0)) (== netcoreapp2.2)
      System.IO (>= 4.3) - restriction: || (&& (== net461) (< net45)) (&& (== net472) (< net45)) (== netcoreapp2.2)
      System.Reflection (>= 4.3) - restriction: || (&& (== net461) (< net45)) (&& (== net472) (< net45)) (== netcoreapp2.2)
      System.Reflection.Emit.ILGeneration (>= 4.3) - restriction: || (&& (== net461) (< net45)) (&& (== net472) (< net45)) (== netcoreapp2.2)
      System.Reflection.Primitives (>= 4.3) - restriction: || (&& (== net461) (< net45)) (&& (== net472) (< net45)) (== netcoreapp2.2)
      System.Runtime (>= 4.3) - restriction: || (&& (== net461) (< net45)) (&& (== net472) (< net45)) (== netcoreapp2.2)
    System.Reflection.Emit.ILGeneration (4.3) - restriction: || (&& (== net45) (>= netcoreapp1.0)) (&& (== net461) (>= netcoreapp1.0)) (&& (== net472) (>= netcoreapp1.0)) (== netcoreapp2.2)
      System.Reflection (>= 4.3) - restriction: || (&& (== net461) (< net45)) (&& (== net472) (< net45)) (== netcoreapp2.2)
      System.Reflection.Primitives (>= 4.3) - restriction: || (&& (== net461) (< net45)) (&& (== net472) (< net45)) (== netcoreapp2.2)
      System.Runtime (>= 4.3) - restriction: || (&& (== net461) (< net45)) (&& (== net472) (< net45)) (== netcoreapp2.2)
    System.Reflection.Emit.Lightweight (4.3) - restriction: || (&& (== net45) (>= netcoreapp1.0)) (&& (== net461) (>= netcoreapp1.0)) (&& (== net472) (>= netcoreapp1.0)) (== netcoreapp2.2)
      System.Reflection (>= 4.3) - restriction: || (&& (== net461) (< net45)) (&& (== net472) (< net45)) (== netcoreapp2.2)
      System.Reflection.Emit.ILGeneration (>= 4.3) - restriction: || (&& (== net461) (< net45)) (&& (== net472) (< net45)) (== netcoreapp2.2)
      System.Reflection.Primitives (>= 4.3) - restriction: || (&& (== net461) (< net45)) (&& (== net472) (< net45)) (== netcoreapp2.2)
      System.Runtime (>= 4.3) - restriction: || (&& (== net461) (< net45)) (&& (== net472) (< net45)) (== netcoreapp2.2)
    System.Reflection.Extensions (4.3) - restriction: || (&& (== net45) (>= netcoreapp1.0)) (&& (== net461) (>= netcoreapp1.0)) (&& (== net472) (>= netcoreapp1.0)) (== netcoreapp2.2)
      Microsoft.NETCore.Platforms (>= 1.1) - restriction: || (&& (== net461) (< net45)) (&& (== net472) (< net45)) (== netcoreapp2.2)
      Microsoft.NETCore.Targets (>= 1.1) - restriction: || (&& (== net461) (< net45)) (&& (== net472) (< net45)) (== netcoreapp2.2)
      System.Reflection (>= 4.3) - restriction: || (&& (== net461) (< net45)) (&& (== net472) (< net45)) (== netcoreapp2.2)
      System.Runtime (>= 4.3) - restriction: || (&& (== net461) (< net45)) (&& (== net472) (< net45)) (== netcoreapp2.2)
    System.Reflection.Metadata (1.6) - restriction: || (&& (== net45) (>= netcoreapp1.0)) (&& (== net461) (>= netcoreapp1.0)) (&& (== net472) (>= netcoreapp1.0)) (== netcoreapp2.2)
    System.Reflection.Primitives (4.3) - restriction: || (&& (== net45) (>= netcoreapp1.0)) (&& (== net461) (>= netcoreapp1.0)) (&& (== net472) (>= netcoreapp1.0)) (== netcoreapp2.2)
      Microsoft.NETCore.Platforms (>= 1.1) - restriction: || (&& (== net461) (< net45)) (&& (== net472) (< net45)) (== netcoreapp2.2)
      Microsoft.NETCore.Targets (>= 1.1) - restriction: || (&& (== net461) (< net45)) (&& (== net472) (< net45)) (== netcoreapp2.2)
      System.Runtime (>= 4.3) - restriction: || (&& (== net461) (< net45)) (&& (== net472) (< net45)) (== netcoreapp2.2)
    System.Reflection.TypeExtensions (4.5.1) - restriction: || (&& (== net45) (>= netcoreapp1.0)) (&& (== net461) (>= netcoreapp1.0)) (&& (== net472) (>= netcoreapp1.0)) (== netcoreapp2.2)
    System.Resources.ResourceManager (4.3) - restriction: || (&& (== net45) (>= netcoreapp1.0)) (&& (== net461) (>= netcoreapp1.0)) (&& (== net472) (>= netcoreapp1.0)) (== netcoreapp2.2)
      Microsoft.NETCore.Platforms (>= 1.1) - restriction: || (&& (== net461) (< net45)) (&& (== net472) (< net45)) (== netcoreapp2.2)
      Microsoft.NETCore.Targets (>= 1.1) - restriction: || (&& (== net461) (< net45)) (&& (== net472) (< net45)) (== netcoreapp2.2)
      System.Globalization (>= 4.3) - restriction: || (&& (== net461) (< net45)) (&& (== net472) (< net45)) (== netcoreapp2.2)
      System.Reflection (>= 4.3) - restriction: || (&& (== net461) (< net45)) (&& (== net472) (< net45)) (== netcoreapp2.2)
      System.Runtime (>= 4.3) - restriction: || (&& (== net461) (< net45)) (&& (== net472) (< net45)) (== netcoreapp2.2)
    System.Runtime (4.3.1) - restriction: || (&& (== net45) (>= netcoreapp1.0)) (&& (== net461) (>= netcoreapp1.0)) (&& (== net472) (>= netcoreapp1.0)) (== netcoreapp2.2)
      Microsoft.NETCore.Platforms (>= 1.1.1) - restriction: || (&& (== net461) (< net45)) (&& (== net472) (< net45)) (== netcoreapp2.2)
      Microsoft.NETCore.Targets (>= 1.1.3) - restriction: || (&& (== net461) (< net45)) (&& (== net472) (< net45)) (== netcoreapp2.2)
    System.Runtime.Extensions (4.3.1) - restriction: || (&& (== net45) (>= netcoreapp1.0)) (&& (== net461) (>= netcoreapp1.0)) (&& (== net472) (>= netcoreapp1.0)) (== netcoreapp2.2)
      Microsoft.NETCore.Platforms (>= 1.1.1) - restriction: || (&& (== net461) (< net45)) (&& (== net472) (< net45)) (== netcoreapp2.2)
      Microsoft.NETCore.Targets (>= 1.1.3) - restriction: || (&& (== net461) (< net45)) (&& (== net472) (< net45)) (== netcoreapp2.2)
      System.Runtime (>= 4.3.1) - restriction: || (&& (== net461) (< net45)) (&& (== net472) (< net45)) (== netcoreapp2.2)
    System.Runtime.Handles (4.3) - restriction: || (&& (== net45) (>= netcoreapp1.0)) (&& (== net461) (>= netcoreapp1.0)) (&& (== net472) (>= netcoreapp1.0)) (== netcoreapp2.2)
      Microsoft.NETCore.Platforms (>= 1.1) - restriction: || (&& (== net45) (== net461)) (&& (== net45) (== net472)) (&& (== net45) (>= netstandard1.3)) (&& (== net461) (< net46)) (&& (== net472) (< net46)) (== netcoreapp2.2)
      Microsoft.NETCore.Targets (>= 1.1) - restriction: || (&& (== net45) (== net461)) (&& (== net45) (== net472)) (&& (== net45) (>= netstandard1.3)) (&& (== net461) (< net46)) (&& (== net472) (< net46)) (== netcoreapp2.2)
      System.Runtime (>= 4.3) - restriction: || (&& (== net45) (== net461)) (&& (== net45) (== net472)) (&& (== net45) (>= netstandard1.3)) (&& (== net461) (< net46)) (&& (== net472) (< net46)) (== netcoreapp2.2)
    System.Runtime.InteropServices (4.3) - restriction: || (&& (== net45) (>= netcoreapp1.0)) (&& (== net461) (>= netcoreapp1.0)) (&& (== net472) (>= netcoreapp1.0)) (== netcoreapp2.2)
      Microsoft.NETCore.Platforms (>= 1.1) - restriction: || (&& (== net45) (>= netcoreapp1.1)) (&& (== net461) (< net45)) (&& (== net461) (>= netcoreapp1.1)) (&& (== net472) (< net45)) (&& (== net472) (>= netcoreapp1.1)) (== netcoreapp2.2)
      Microsoft.NETCore.Targets (>= 1.1) - restriction: || (&& (== net45) (>= netcoreapp1.1)) (&& (== net461) (< net45)) (&& (== net461) (>= netcoreapp1.1)) (&& (== net472) (< net45)) (&& (== net472) (>= netcoreapp1.1)) (== netcoreapp2.2)
      System.Reflection (>= 4.3) - restriction: || (&& (== net45) (>= netcoreapp1.1)) (&& (== net461) (< net45)) (&& (== net461) (>= netcoreapp1.1)) (&& (== net472) (< net45)) (&& (== net472) (>= netcoreapp1.1)) (== netcoreapp2.2)
      System.Reflection.Primitives (>= 4.3) - restriction: || (&& (== net45) (>= netcoreapp1.1)) (&& (== net461) (< net45)) (&& (== net461) (>= netcoreapp1.1)) (&& (== net472) (< net45)) (&& (== net472) (>= netcoreapp1.1)) (== netcoreapp2.2)
      System.Runtime (>= 4.3) - restriction: || (&& (== net45) (>= net462)) (&& (== net45) (>= netcoreapp1.1)) (&& (== net461) (< net45)) (&& (== net461) (>= net462)) (&& (== net461) (>= netcoreapp1.1)) (== net472) (== netcoreapp2.2)
      System.Runtime.Handles (>= 4.3) - restriction: || (&& (== net45) (>= netcoreapp1.1)) (&& (== net461) (< net45)) (&& (== net461) (>= netcoreapp1.1)) (&& (== net472) (< net45)) (&& (== net472) (>= netcoreapp1.1)) (== netcoreapp2.2)
    System.Runtime.InteropServices.RuntimeInformation (4.3) - restriction: || (&& (== net45) (>= netcoreapp1.0)) (&& (== net461) (>= netcoreapp1.0)) (&& (== net472) (>= netcoreapp1.0)) (== netcoreapp2.2)
      runtime.native.System (>= 4.3) - restriction: || (&& (== net461) (< net45)) (&& (== net472) (< net45)) (== netcoreapp2.2)
      System.Reflection (>= 4.3) - restriction: || (&& (== net461) (< net45)) (&& (== net472) (< net45)) (== netcoreapp2.2)
      System.Reflection.Extensions (>= 4.3) - restriction: || (&& (== net461) (< net45)) (&& (== net472) (< net45)) (== netcoreapp2.2)
      System.Resources.ResourceManager (>= 4.3) - restriction: || (&& (== net461) (< net45)) (&& (== net472) (< net45)) (== netcoreapp2.2)
      System.Runtime (>= 4.3) - restriction: || (&& (== net461) (< net45)) (&& (== net472) (< net45)) (== netcoreapp2.2)
      System.Runtime.InteropServices (>= 4.3) - restriction: || (&& (== net461) (< net45)) (&& (== net472) (< net45)) (== netcoreapp2.2)
      System.Threading (>= 4.3) - restriction: || (&& (== net461) (< net45)) (&& (== net472) (< net45)) (== netcoreapp2.2)
    System.Runtime.Loader (4.3) - restriction: || (&& (== net45) (>= netcoreapp1.0)) (&& (== net461) (>= netcoreapp1.0)) (&& (== net472) (>= netcoreapp1.0)) (== netcoreapp2.2)
      System.IO (>= 4.3) - restriction: || (&& (== net45) (== net472)) (&& (== net45) (>= netstandard1.5)) (&& (== net461) (== net472)) (&& (== net461) (>= netstandard1.5)) (&& (== net472) (< net462)) (== netcoreapp2.2)
      System.Reflection (>= 4.3) - restriction: || (&& (== net45) (== net472)) (&& (== net45) (>= netstandard1.5)) (&& (== net461) (== net472)) (&& (== net461) (>= netstandard1.5)) (&& (== net472) (< net462)) (== netcoreapp2.2)
      System.Runtime (>= 4.3) - restriction: || (&& (== net45) (== net472)) (&& (== net45) (>= netstandard1.5)) (&& (== net461) (== net472)) (&& (== net461) (>= netstandard1.5)) (&& (== net472) (< net462)) (== netcoreapp2.2)
    System.Runtime.Serialization.Json (4.3) - restriction: || (&& (== net45) (>= netcoreapp1.0)) (&& (== net461) (>= netcoreapp1.0)) (&& (== net472) (>= netcoreapp1.0)) (== netcoreapp2.2)
      System.IO (>= 4.3) - restriction: || (&& (== net461) (< net45)) (&& (== net472) (< net45)) (== netcoreapp2.2)
      System.Private.DataContractSerialization (>= 4.3) - restriction: || (&& (== net461) (< net45)) (&& (== net472) (< net45)) (== netcoreapp2.2)
      System.Runtime (>= 4.3) - restriction: || (&& (== net461) (< net45)) (&& (== net472) (< net45)) (== netcoreapp2.2)
    System.Runtime.Serialization.Primitives (4.3) - restriction: || (&& (== net45) (>= netcoreapp1.0)) (&& (== net461) (>= netcoreapp1.0)) (&& (== net472) (>= netcoreapp1.0)) (== netcoreapp2.2)
      System.Resources.ResourceManager (>= 4.3) - restriction: || (&& (== net461) (< net45)) (&& (== net472) (< net45)) (== netcoreapp2.2)
      System.Runtime (>= 4.3) - restriction: || (&& (== net461) (< net45)) (&& (== net472) (< net45)) (== netcoreapp2.2)
    System.Security.AccessControl (4.5) - restriction: || (&& (== net45) (>= monoandroid) (>= netcoreapp1.0)) (&& (== net45) (>= monotouch) (>= netcoreapp1.0)) (&& (== net45) (>= net461) (>= netcoreapp1.0)) (&& (== net45) (>= netcoreapp1.0) (>= netstandard2.0)) (&& (== net45) (>= netcoreapp1.0) (>= xamarinios)) (&& (== net45) (>= netcoreapp1.0) (>= xamarinmac)) (&& (== net45) (>= netcoreapp1.0) (>= xamarintvos)) (&& (== net45) (>= netcoreapp1.0) (>= xamarinwatchos)) (&& (== net45) (>= netcoreapp2.0)) (&& (== net461) (>= netcoreapp1.0)) (&& (== net461) (>= netcoreapp2.0)) (&& (== net472) (>= netcoreapp1.0)) (&& (== net472) (>= netcoreapp2.0)) (== netcoreapp2.2)
      Microsoft.NETCore.Platforms (>= 2.0) - restriction: || (&& (== net45) (>= netcoreapp2.0)) (&& (== net461) (>= netcoreapp2.0)) (&& (== net472) (>= netcoreapp2.0)) (== netcoreapp2.2)
      System.Security.Principal.Windows (>= 4.5) - restriction: || (&& (== net45) (>= net461)) (&& (== net45) (>= netcoreapp2.0)) (&& (== net45) (>= netstandard2.0)) (== net461) (== net472) (== netcoreapp2.2)
    System.Security.Principal.Windows (4.5.1) - restriction: || (&& (== net45) (>= monoandroid) (>= netcoreapp1.0)) (&& (== net45) (>= monotouch) (>= netcoreapp1.0)) (&& (== net45) (>= net461) (>= netcoreapp1.0)) (&& (== net45) (>= netcoreapp1.0) (>= netstandard2.0)) (&& (== net45) (>= netcoreapp1.0) (>= xamarinios)) (&& (== net45) (>= netcoreapp1.0) (>= xamarinmac)) (&& (== net45) (>= netcoreapp1.0) (>= xamarintvos)) (&& (== net45) (>= netcoreapp1.0) (>= xamarinwatchos)) (&& (== net45) (>= netcoreapp2.0)) (&& (== net461) (>= netcoreapp1.0)) (&& (== net461) (>= netcoreapp2.0)) (&& (== net472) (>= netcoreapp1.0)) (&& (== net472) (>= netcoreapp2.0)) (== netcoreapp2.2)
      Microsoft.NETCore.Platforms (>= 2.0) - restriction: || (&& (== net45) (>= netcoreapp2.0)) (&& (== net461) (>= netcoreapp2.0)) (&& (== net472) (>= netcoreapp2.0)) (== netcoreapp2.2)
    System.Text.Encoding (4.3) - restriction: || (&& (== net45) (>= netcoreapp1.0)) (&& (== net461) (>= netcoreapp1.0)) (&& (== net472) (>= netcoreapp1.0)) (== netcoreapp2.2)
      Microsoft.NETCore.Platforms (>= 1.1) - restriction: || (&& (== net461) (< net45)) (&& (== net472) (< net45)) (== netcoreapp2.2)
      Microsoft.NETCore.Targets (>= 1.1) - restriction: || (&& (== net461) (< net45)) (&& (== net472) (< net45)) (== netcoreapp2.2)
      System.Runtime (>= 4.3) - restriction: || (&& (== net461) (< net45)) (&& (== net472) (< net45)) (== netcoreapp2.2)
    System.Text.Encoding.Extensions (4.3) - restriction: || (&& (== net45) (>= netcoreapp1.0)) (&& (== net461) (>= netcoreapp1.0)) (&& (== net472) (>= netcoreapp1.0)) (== netcoreapp2.2)
      Microsoft.NETCore.Platforms (>= 1.1) - restriction: || (&& (== net461) (< net45)) (&& (== net472) (< net45)) (== netcoreapp2.2)
      Microsoft.NETCore.Targets (>= 1.1) - restriction: || (&& (== net461) (< net45)) (&& (== net472) (< net45)) (== netcoreapp2.2)
      System.Runtime (>= 4.3) - restriction: || (&& (== net461) (< net45)) (&& (== net472) (< net45)) (== netcoreapp2.2)
      System.Text.Encoding (>= 4.3) - restriction: || (&& (== net461) (< net45)) (&& (== net472) (< net45)) (== netcoreapp2.2)
    System.Text.RegularExpressions (4.3.1) - restriction: || (&& (== net45) (>= netcoreapp1.0)) (&& (== net461) (>= netcoreapp1.0)) (&& (== net472) (>= netcoreapp1.0)) (== netcoreapp2.2)
      System.Runtime (>= 4.3.1) - restriction: || (&& (== net45) (>= netcoreapp1.1)) (&& (== net461) (< net45)) (&& (== net461) (>= netcoreapp1.1)) (&& (== net472) (< net45)) (&& (== net472) (>= netcoreapp1.1)) (== netcoreapp2.2)
    System.Threading (4.3) - restriction: || (&& (== net45) (>= netcoreapp1.0)) (&& (== net461) (>= netcoreapp1.0)) (&& (== net472) (>= netcoreapp1.0)) (== netcoreapp2.2)
      System.Runtime (>= 4.3) - restriction: || (&& (== net461) (< net45)) (&& (== net472) (< net45)) (== netcoreapp2.2)
      System.Threading.Tasks (>= 4.3) - restriction: || (&& (== net461) (< net45)) (&& (== net472) (< net45)) (== netcoreapp2.2)
    System.Threading.Tasks (4.3) - restriction: || (&& (== net45) (>= netcoreapp1.0)) (&& (== net461) (>= netcoreapp1.0)) (&& (== net472) (>= netcoreapp1.0)) (== netcoreapp2.2)
      Microsoft.NETCore.Platforms (>= 1.1) - restriction: || (&& (== net461) (< net45)) (&& (== net472) (< net45)) (== netcoreapp2.2)
      Microsoft.NETCore.Targets (>= 1.1) - restriction: || (&& (== net461) (< net45)) (&& (== net472) (< net45)) (== netcoreapp2.2)
      System.Runtime (>= 4.3) - restriction: || (&& (== net461) (< net45)) (&& (== net472) (< net45)) (== netcoreapp2.2)
    System.Threading.Tasks.Extensions (4.5.3) - restriction: || (&& (== net45) (>= netcoreapp1.0)) (&& (== net461) (>= netcoreapp1.0)) (&& (== net472) (>= netcoreapp1.0)) (== netcoreapp2.2)
    System.Threading.Thread (4.3) - restriction: || (&& (== net45) (>= netcoreapp1.0)) (&& (== net461) (>= netcoreapp1.0)) (&& (== net472) (>= netcoreapp1.0)) (== netcoreapp2.2)
      System.Runtime (>= 4.3) - restriction: || (&& (== net45) (== net461)) (&& (== net45) (== net472)) (&& (== net45) (>= netstandard1.3)) (&& (== net461) (< net46)) (&& (== net472) (< net46)) (== netcoreapp2.2)
    System.Threading.ThreadPool (4.3) - restriction: || (&& (== net45) (>= netcoreapp1.0)) (&& (== net461) (>= netcoreapp1.0)) (&& (== net472) (>= netcoreapp1.0)) (== netcoreapp2.2)
      System.Runtime (>= 4.3) - restriction: || (&& (== net45) (== net461)) (&& (== net45) (== net472)) (&& (== net45) (>= netstandard1.3)) (&& (== net461) (< net46)) (&& (== net472) (< net46)) (== netcoreapp2.2)
      System.Runtime.Handles (>= 4.3) - restriction: || (&& (== net45) (== net461)) (&& (== net45) (== net472)) (&& (== net45) (>= netstandard1.3)) (&& (== net461) (< net46)) (&& (== net472) (< net46)) (== netcoreapp2.2)
    System.Xml.ReaderWriter (4.3.1) - restriction: || (&& (== net45) (>= netcoreapp1.0)) (&& (== net461) (>= netcoreapp1.0)) (&& (== net472) (>= netcoreapp1.0)) (== netcoreapp2.2)
      System.Collections (>= 4.3) - restriction: || (&& (== net461) (< net45)) (&& (== net472) (< net45)) (== netcoreapp2.2)
      System.Diagnostics.Debug (>= 4.3) - restriction: || (&& (== net461) (< net45)) (&& (== net472) (< net45)) (== netcoreapp2.2)
      System.Globalization (>= 4.3) - restriction: || (&& (== net461) (< net45)) (&& (== net472) (< net45)) (== netcoreapp2.2)
      System.IO (>= 4.3) - restriction: || (&& (== net461) (< net45)) (&& (== net472) (< net45)) (== netcoreapp2.2)
      System.IO.FileSystem (>= 4.3) - restriction: || (&& (== net461) (< net45)) (&& (== net472) (< net45)) (== netcoreapp2.2)
      System.IO.FileSystem.Primitives (>= 4.3) - restriction: || (&& (== net461) (< net45)) (&& (== net472) (< net45)) (== netcoreapp2.2)
      System.Resources.ResourceManager (>= 4.3) - restriction: || (&& (== net461) (< net45)) (&& (== net472) (< net45)) (== netcoreapp2.2)
      System.Runtime (>= 4.3) - restriction: || (&& (== net461) (< net45)) (&& (== net472) (< net45)) (== netcoreapp2.2)
      System.Runtime.Extensions (>= 4.3) - restriction: || (&& (== net461) (< net45)) (&& (== net472) (< net45)) (== netcoreapp2.2)
      System.Runtime.InteropServices (>= 4.3) - restriction: || (&& (== net461) (< net45)) (&& (== net472) (< net45)) (== netcoreapp2.2)
      System.Text.Encoding (>= 4.3) - restriction: || (&& (== net461) (< net45)) (&& (== net472) (< net45)) (== netcoreapp2.2)
      System.Text.Encoding.Extensions (>= 4.3) - restriction: || (&& (== net461) (< net45)) (&& (== net472) (< net45)) (== netcoreapp2.2)
      System.Text.RegularExpressions (>= 4.3) - restriction: || (&& (== net461) (< net45)) (&& (== net472) (< net45)) (== netcoreapp2.2)
      System.Threading.Tasks (>= 4.3) - restriction: || (&& (== net461) (< net45)) (&& (== net472) (< net45)) (== netcoreapp2.2)
      System.Threading.Tasks.Extensions (>= 4.3) - restriction: || (&& (== net461) (< net45)) (&& (== net472) (< net45)) (== netcoreapp2.2)
    System.Xml.XDocument (4.3) - restriction: || (&& (== net45) (>= netcoreapp1.0)) (&& (== net461) (>= netcoreapp1.0)) (&& (== net472) (>= netcoreapp1.0)) (== netcoreapp2.2)
      System.Collections (>= 4.3) - restriction: || (&& (== net461) (< net45)) (&& (== net472) (< net45)) (== netcoreapp2.2)
      System.Diagnostics.Debug (>= 4.3) - restriction: || (&& (== net461) (< net45)) (&& (== net472) (< net45)) (== netcoreapp2.2)
      System.Diagnostics.Tools (>= 4.3) - restriction: || (&& (== net461) (< net45)) (&& (== net472) (< net45)) (== netcoreapp2.2)
      System.Globalization (>= 4.3) - restriction: || (&& (== net461) (< net45)) (&& (== net472) (< net45)) (== netcoreapp2.2)
      System.IO (>= 4.3) - restriction: || (&& (== net461) (< net45)) (&& (== net472) (< net45)) (== netcoreapp2.2)
      System.Reflection (>= 4.3) - restriction: || (&& (== net461) (< net45)) (&& (== net472) (< net45)) (== netcoreapp2.2)
      System.Resources.ResourceManager (>= 4.3) - restriction: || (&& (== net461) (< net45)) (&& (== net472) (< net45)) (== netcoreapp2.2)
      System.Runtime (>= 4.3) - restriction: || (&& (== net461) (< net45)) (&& (== net472) (< net45)) (== netcoreapp2.2)
      System.Runtime.Extensions (>= 4.3) - restriction: || (&& (== net461) (< net45)) (&& (== net472) (< net45)) (== netcoreapp2.2)
      System.Text.Encoding (>= 4.3) - restriction: || (&& (== net461) (< net45)) (&& (== net472) (< net45)) (== netcoreapp2.2)
      System.Threading (>= 4.3) - restriction: || (&& (== net461) (< net45)) (&& (== net472) (< net45)) (== netcoreapp2.2)
      System.Xml.ReaderWriter (>= 4.3) - restriction: || (&& (== net461) (< net45)) (&& (== net472) (< net45)) (== netcoreapp2.2)
    System.Xml.XmlDocument (4.3) - restriction: || (&& (== net45) (>= netcoreapp1.0)) (&& (== net461) (>= netcoreapp1.0)) (&& (== net472) (>= netcoreapp1.0)) (== netcoreapp2.2)
      System.Collections (>= 4.3) - restriction: || (&& (== net45) (== net461)) (&& (== net45) (== net472)) (&& (== net45) (>= netstandard1.3)) (&& (== net461) (< net46)) (&& (== net472) (< net46)) (== netcoreapp2.2)
      System.Diagnostics.Debug (>= 4.3) - restriction: || (&& (== net45) (== net461)) (&& (== net45) (== net472)) (&& (== net45) (>= netstandard1.3)) (&& (== net461) (< net46)) (&& (== net472) (< net46)) (== netcoreapp2.2)
      System.Globalization (>= 4.3) - restriction: || (&& (== net45) (== net461)) (&& (== net45) (== net472)) (&& (== net45) (>= netstandard1.3)) (&& (== net461) (< net46)) (&& (== net472) (< net46)) (== netcoreapp2.2)
      System.IO (>= 4.3) - restriction: || (&& (== net45) (== net461)) (&& (== net45) (== net472)) (&& (== net45) (>= netstandard1.3)) (&& (== net461) (< net46)) (&& (== net472) (< net46)) (== netcoreapp2.2)
      System.Resources.ResourceManager (>= 4.3) - restriction: || (&& (== net45) (== net461)) (&& (== net45) (== net472)) (&& (== net45) (>= netstandard1.3)) (&& (== net461) (< net46)) (&& (== net472) (< net46)) (== netcoreapp2.2)
      System.Runtime (>= 4.3) - restriction: || (&& (== net45) (== net461)) (&& (== net45) (== net472)) (&& (== net45) (>= netstandard1.3)) (&& (== net461) (< net46)) (&& (== net472) (< net46)) (== netcoreapp2.2)
      System.Runtime.Extensions (>= 4.3) - restriction: || (&& (== net45) (== net461)) (&& (== net45) (== net472)) (&& (== net45) (>= netstandard1.3)) (&& (== net461) (< net46)) (&& (== net472) (< net46)) (== netcoreapp2.2)
      System.Text.Encoding (>= 4.3) - restriction: || (&& (== net45) (== net461)) (&& (== net45) (== net472)) (&& (== net45) (>= netstandard1.3)) (&& (== net461) (< net46)) (&& (== net472) (< net46)) (== netcoreapp2.2)
      System.Threading (>= 4.3) - restriction: || (&& (== net45) (== net461)) (&& (== net45) (== net472)) (&& (== net45) (>= netstandard1.3)) (&& (== net461) (< net46)) (&& (== net472) (< net46)) (== netcoreapp2.2)
      System.Xml.ReaderWriter (>= 4.3) - restriction: || (&& (== net45) (== net461)) (&& (== net45) (== net472)) (&& (== net45) (>= netstandard1.3)) (&& (== net461) (< net46)) (&& (== net472) (< net46)) (== netcoreapp2.2)
    System.Xml.XmlSerializer (4.3) - restriction: || (&& (== net45) (>= netcoreapp1.0)) (&& (== net461) (>= netcoreapp1.0)) (&& (== net472) (>= netcoreapp1.0)) (== netcoreapp2.2)
      System.Collections (>= 4.3) - restriction: || (&& (== net461) (< net45)) (&& (== net472) (< net45)) (== netcoreapp2.2)
      System.Globalization (>= 4.3) - restriction: || (&& (== net461) (< net45)) (&& (== net472) (< net45)) (== netcoreapp2.2)
      System.IO (>= 4.3) - restriction: || (&& (== net461) (< net45)) (&& (== net472) (< net45)) (== netcoreapp2.2)
      System.Linq (>= 4.3) - restriction: || (&& (== net461) (< net45)) (&& (== net472) (< net45)) (== netcoreapp2.2)
      System.Reflection (>= 4.3) - restriction: || (&& (== net461) (< net45)) (&& (== net472) (< net45)) (== netcoreapp2.2)
      System.Reflection.Emit (>= 4.3) - restriction: || (&& (== net461) (< net45)) (&& (== net472) (< net45)) (== netcoreapp2.2)
      System.Reflection.Emit.ILGeneration (>= 4.3) - restriction: || (&& (== net461) (< net45)) (&& (== net472) (< net45)) (== netcoreapp2.2)
      System.Reflection.Extensions (>= 4.3) - restriction: || (&& (== net461) (< net45)) (&& (== net472) (< net45)) (== netcoreapp2.2)
      System.Reflection.Primitives (>= 4.3) - restriction: || (&& (== net461) (< net45)) (&& (== net472) (< net45)) (== netcoreapp2.2)
      System.Reflection.TypeExtensions (>= 4.3) - restriction: || (&& (== net461) (< net45)) (&& (== net472) (< net45)) (== netcoreapp2.2)
      System.Resources.ResourceManager (>= 4.3) - restriction: || (&& (== net461) (< net45)) (&& (== net472) (< net45)) (== netcoreapp2.2)
      System.Runtime (>= 4.3) - restriction: || (&& (== net461) (< net45)) (&& (== net472) (< net45)) (== netcoreapp2.2)
      System.Runtime.Extensions (>= 4.3) - restriction: || (&& (== net461) (< net45)) (&& (== net472) (< net45)) (== netcoreapp2.2)
      System.Text.RegularExpressions (>= 4.3) - restriction: || (&& (== net461) (< net45)) (&& (== net472) (< net45)) (== netcoreapp2.2)
      System.Threading (>= 4.3) - restriction: || (&& (== net461) (< net45)) (&& (== net472) (< net45)) (== netcoreapp2.2)
      System.Xml.ReaderWriter (>= 4.3) - restriction: || (&& (== net461) (< net45)) (&& (== net472) (< net45)) (== netcoreapp2.2)
      System.Xml.XmlDocument (>= 4.3) - restriction: || (&& (== net461) (< net45)) (&& (== net472) (< net45)) (== netcoreapp2.2)
    System.Xml.XPath (4.3) - restriction: || (&& (== net45) (>= netcoreapp1.0)) (&& (== net461) (>= netcoreapp1.0)) (&& (== net472) (>= netcoreapp1.0)) (== netcoreapp2.2)
      System.Collections (>= 4.3) - restriction: || (&& (== net45) (== net461)) (&& (== net45) (== net472)) (&& (== net45) (>= netstandard1.3)) (&& (== net461) (< net46)) (&& (== net472) (< net46)) (== netcoreapp2.2)
      System.Diagnostics.Debug (>= 4.3) - restriction: || (&& (== net45) (== net461)) (&& (== net45) (== net472)) (&& (== net45) (>= netstandard1.3)) (&& (== net461) (< net46)) (&& (== net472) (< net46)) (== netcoreapp2.2)
      System.Globalization (>= 4.3) - restriction: || (&& (== net45) (== net461)) (&& (== net45) (== net472)) (&& (== net45) (>= netstandard1.3)) (&& (== net461) (< net46)) (&& (== net472) (< net46)) (== netcoreapp2.2)
      System.IO (>= 4.3) - restriction: || (&& (== net45) (== net461)) (&& (== net45) (== net472)) (&& (== net45) (>= netstandard1.3)) (&& (== net461) (< net46)) (&& (== net472) (< net46)) (== netcoreapp2.2)
      System.Resources.ResourceManager (>= 4.3) - restriction: || (&& (== net45) (== net461)) (&& (== net45) (== net472)) (&& (== net45) (>= netstandard1.3)) (&& (== net461) (< net46)) (&& (== net472) (< net46)) (== netcoreapp2.2)
      System.Runtime (>= 4.3) - restriction: || (&& (== net45) (== net461)) (&& (== net45) (== net472)) (&& (== net45) (>= netstandard1.3)) (&& (== net461) (< net46)) (&& (== net472) (< net46)) (== netcoreapp2.2)
      System.Runtime.Extensions (>= 4.3) - restriction: || (&& (== net45) (== net461)) (&& (== net45) (== net472)) (&& (== net45) (>= netstandard1.3)) (&& (== net461) (< net46)) (&& (== net472) (< net46)) (== netcoreapp2.2)
      System.Threading (>= 4.3) - restriction: || (&& (== net45) (== net461)) (&& (== net45) (== net472)) (&& (== net45) (>= netstandard1.3)) (&& (== net461) (< net46)) (&& (== net472) (< net46)) (== netcoreapp2.2)
      System.Xml.ReaderWriter (>= 4.3) - restriction: || (&& (== net45) (== net461)) (&& (== net45) (== net472)) (&& (== net45) (>= netstandard1.3)) (&& (== net461) (< net46)) (&& (== net472) (< net46)) (== netcoreapp2.2)
    System.Xml.XPath.XmlDocument (4.3) - restriction: || (&& (== net45) (>= netcoreapp1.0)) (&& (== net461) (>= netcoreapp1.0)) (&& (== net472) (>= netcoreapp1.0)) (== netcoreapp2.2)
      System.Collections (>= 4.3) - restriction: || (&& (== net45) (== net461)) (&& (== net45) (== net472)) (&& (== net45) (>= netstandard1.3)) (&& (== net461) (< net46)) (&& (== net472) (< net46)) (== netcoreapp2.2)
      System.Globalization (>= 4.3) - restriction: || (&& (== net45) (== net461)) (&& (== net45) (== net472)) (&& (== net45) (>= netstandard1.3)) (&& (== net461) (< net46)) (&& (== net472) (< net46)) (== netcoreapp2.2)
      System.IO (>= 4.3) - restriction: || (&& (== net45) (== net461)) (&& (== net45) (== net472)) (&& (== net45) (>= netstandard1.3)) (&& (== net461) (< net46)) (&& (== net472) (< net46)) (== netcoreapp2.2)
      System.Resources.ResourceManager (>= 4.3) - restriction: || (&& (== net45) (== net461)) (&& (== net45) (== net472)) (&& (== net45) (>= netstandard1.3)) (&& (== net461) (< net46)) (&& (== net472) (< net46)) (== netcoreapp2.2)
      System.Runtime (>= 4.3) - restriction: || (&& (== net45) (== net461)) (&& (== net45) (== net472)) (&& (== net45) (>= netstandard1.3)) (&& (== net461) (< net46)) (&& (== net472) (< net46)) (== netcoreapp2.2)
      System.Runtime.Extensions (>= 4.3) - restriction: || (&& (== net45) (== net461)) (&& (== net45) (== net472)) (&& (== net45) (>= netstandard1.3)) (&& (== net461) (< net46)) (&& (== net472) (< net46)) (== netcoreapp2.2)
      System.Threading (>= 4.3) - restriction: || (&& (== net45) (== net461)) (&& (== net45) (== net472)) (&& (== net45) (>= netstandard1.3)) (&& (== net461) (< net46)) (&& (== net472) (< net46)) (== netcoreapp2.2)
      System.Xml.ReaderWriter (>= 4.3) - restriction: || (&& (== net45) (== net461)) (&& (== net45) (== net472)) (&& (== net45) (>= netstandard1.3)) (&& (== net461) (< net46)) (&& (== net472) (< net46)) (== netcoreapp2.2)
      System.Xml.XmlDocument (>= 4.3) - restriction: || (&& (== net45) (>= net46)) (&& (== net45) (>= netstandard1.3)) (== net461) (== net472) (== netcoreapp2.2)
      System.Xml.XPath (>= 4.3) - restriction: || (&& (== net45) (>= net46)) (&& (== net45) (>= netstandard1.3)) (== net461) (== net472) (== netcoreapp2.2)

GROUP tpsdk
STORAGE: PACKAGES
RESTRICTION: || (== net45) (== netstandard2.0)
NUGET
  remote: https://api.nuget.org/v3/index.json
    NETStandard.Library.NETFramework (2.0.0-preview2-25405-01)
GITHUB
  remote: fsprojects/FSharp.TypeProviders.SDK
    src/ProvidedTypes.fs (b8727a47dd83d3e88aed8f2100f6712478c64632)
    src/ProvidedTypes.fsi (b8727a47dd83d3e88aed8f2100f6712478c64632)